GIT
  remote: https://github.com/joe-mcnuggets/morphy2
  revision: c62a317867bd6ab592872edfbb539a507c4c5d54
  specs:
    morphy2 (0.0.8)
      dawg (~> 0.0, >= 0.0.4)

GEM
  remote: https://rubygems.org/
  specs:
    byebug (11.0.1)
    coderay (1.1.2)
    dawg (0.0.5)
    method_source (0.9.2)
    nlp-pure (0.2.0)
    pragmatic_tokenizer (3.0.7)
      unicode
    pry (0.12.2)
      coderay (~> 1.1.0)
      method_source (~> 0.9.0)
    pry-byebug (3.7.0)
      byebug (~> 11.0)
      pry (~> 0.10)
    ruby-stemmer (0.9.6)
    tabulo (1.5.1)
      tty-screen (= 0.7.0)
      unicode-display_width (= 1.6.0)
    tokenizer (0.3.0)
    tty-screen (0.7.0)
    unicode (0.4.4.4)
    unicode-display_width (1.6.0)

PLATFORMS
  ruby

DEPENDENCIES
  morphy2!
  nlp-pure
  pragmatic_tokenizer
  pry-byebug
  ruby-stemmer
  tabulo
  tokenizer

BUNDLED WITH
   1.17.2
